GEM
  remote: https://rubygems.org/
  specs:
    google-protobuf (3.25.3)
    google-protobuf (3.25.3-x86_64-darwin)
    googleapis-common-protos-types (1.14.0)
      google-protobuf (~> 3.18)
    grpc (1.62.0)
      google-protobuf (~> 3.25)
      googleapis-common-protos-types (~> 1.0)
    grpc (1.62.0-x86_64-darwin)
      google-protobuf (~> 3.25)
      googleapis-common-protos-types (~> 1.0)

PLATFORMS
  ruby
  x86_64-darwin-22

DEPENDENCIES
  grpc

BUNDLED WITH
   2.5.6
